GEM
  remote: http://rubygems.org/
  specs:
    coffee-script (2.2.0)
      coffee-script-source
      execjs
    coffee-script-source (1.1.3)
    execjs (1.2.9)
      multi_json (~> 1.0)
    growl (1.0.3)
    guard (0.8.8)
      thor (~> 0.14.6)
    guard-coffeescript (0.5.2)
      coffee-script (>= 2.2.0)
      guard (>= 0.8.3)
    guard-haml (0.3.1)
      guard (>= 0.4)
      haml (>= 3.0)
    guard-sass (0.5.4)
      guard (>= 0.4.0)
      sass (>= 3.1)
    haml (3.1.4)
    multi_json (1.0.4)
    rb-fsevent (0.4.3.1)
    sass (3.1.11)
    thor (0.14.6)

PLATFORMS
  ruby

DEPENDENCIES
  coffee-script
  growl
  guard
  guard-coffeescript
  guard-haml
  guard-sass
  haml
  rb-fsevent
